GEM
  remote: https://rubygems.org/
  specs:
    daybreak (0.3.0)
    erubis (2.7.0)
    filesize (0.2.0)
    mustermann (2.0.2)
      ruby2_keywords (~> 0.0.1)
    net-ldap (0.17.1)
    nio4r (2.5.8)
    puma (5.6.5)
      nio4r (~> 2.0)
    rack (2.2.4)
    rack-protection (2.2.2)
      rack
    ruby2_keywords (0.0.5)
    sinatra (2.2.2)
      mustermann (~> 2.0)
      rack (~> 2.2)
      rack-protection (= 2.2.2)
      tilt (~> 2.0)
    tilt (2.0.11)

PLATFORMS
  ruby

DEPENDENCIES
  daybreak (~> 0)
  erubis (~> 2.7)
  filesize (~> 0)
  net-ldap (~> 0)
  puma (~> 5)
  sinatra (~> 2)

BUNDLED WITH
   2.3.7
