GEM
  remote: https://rubygems.org/
  specs:
    daemons (1.2.6)
    daybreak (0.3.0)
    erubis (2.7.0)
    eventmachine (1.2.5)
    filesize (0.1.1)
    mustermann (1.0.2)
    net-ldap (0.16.1)
    rack (2.0.4)
    rack-protection (2.0.0)
      rack
    sinatra (2.0.0)
      mustermann (~> 1.0)
      rack (~> 2.0)
      rack-protection (= 2.0.0)
      tilt (~> 2.0)
    thin (1.7.2)
      daemons (~> 1.0, >= 1.0.9)
      eventmachine (~> 1.0, >= 1.0.4)
      rack (>= 1, < 3)
    tilt (2.0.8)

PLATFORMS
  ruby

DEPENDENCIES
  daybreak
  erubis
  filesize
  net-ldap
  sinatra (= 2.0.0)
  thin

BUNDLED WITH
   1.16.1
